GEM
  remote: https://rubygems.org/
  specs:
    activesupport (7.0.4.3)
      concurrent-ruby (~> 1.0, >= 1.0.2)
      i18n (>= 1.6, < 2)
      minitest (>= 5.1)
      tzinfo (~> 2.0)
    concurrent-ruby (1.2.2)
    i18n (1.12.0)
      concurrent-ruby (~> 1.0)
    minitest (5.10.1)
    sequel (4.42.1)
    sqlite3 (1.4.2)
    tzinfo (2.0.6)
      concurrent-ruby (~> 1.0)
    yt (0.32.6)
      activesupport

PLATFORMS
  ruby

DEPENDENCIES
  minitest
  sequel
  sqlite3
  yt (~> 0.32.0)

BUNDLED WITH
   1.17.2
