GEM
  remote: https://rubygems.org/
  specs:
    activesupport (6.0.3.3)
      concurrent-ruby (~> 1.0, >= 1.0.2)
      i18n (>= 0.7, < 2)
      minitest (~> 5.1)
      tzinfo (~> 1.1)
      zeitwerk (~> 2.2, >= 2.2.2)
    concurrent-ruby (1.1.7)
    i18n (1.8.5)
      concurrent-ruby (~> 1.0)
    minitest (5.10.1)
    sequel (4.42.1)
    sqlite3 (1.4.2)
    thread_safe (0.3.6)
    tzinfo (1.2.7)
      thread_safe (~> 0.1)
    yt (0.32.6)
      activesupport
    zeitwerk (2.4.0)

PLATFORMS
  ruby

DEPENDENCIES
  minitest
  sequel
  sqlite3
  yt (~> 0.32.0)

BUNDLED WITH
   1.17.2
